PATH
  remote: .
  specs:
    reload-attribute (0.1.0)
      activerecord (>= 5.2.0)
      activesupport (>= 5.2.0)

GEM
  remote: https://rubygems.org/
  specs:
    activemodel (7.0.4.1)
      activesupport (= 7.0.4.1)
    activerecord (7.0.4.1)
      activemodel (= 7.0.4.1)
      activesupport (= 7.0.4.1)
    activesupport (7.0.4.1)
      concurrent-ruby (~> 1.0, >= 1.0.2)
      i18n (>= 1.6, < 2)
      minitest (>= 5.1)
      tzinfo (~> 2.0)
    ast (2.4.0)
    concurrent-ruby (1.1.10)
    docile (1.3.1)
    factory_bot (6.2.1)
      activesupport (>= 5.0.0)
    i18n (1.12.0)
      concurrent-ruby (~> 1.0)
    jaro_winkler (1.5.2)
    json (2.2.0)
    minitest (5.17.0)
    parallel (1.17.0)
    parser (2.6.3.0)
      ast (~> 2.4.0)
    rack (2.2.3)
    rainbow (3.0.0)
    rdiscount (2.2.0.1)
    rspec (1.3.2)
    rspec-rails (1.3.4)
      rack (>= 1.0.0)
      rspec (~> 1.3.1)
    rspec-simplecov (0.2.2)
    rubocop (0.71.0)
      jaro_winkler (~> 1.5.1)
      parallel (~> 1.10)
      parser (>= 2.6)
      rainbow (>= 2.2.2, < 4.0)
      ruby-progressbar (~> 1.7)
      unicode-display_width (>= 1.4.0, < 1.7)
    ruby-progressbar (1.10.1)
    simplecov (0.16.1)
      docile (~> 1.1)
      json (>= 1.8, < 3)
      simplecov-html (~> 0.10.0)
    simplecov-html (0.10.2)
    simplecov-json (0.2)
      json
      simplecov
    sqlite3 (1.4.1)
    tzinfo (2.0.5)
      concurrent-ruby (~> 1.0)
    unicode-display_width (1.6.0)
    yard (0.9.19)

PLATFORMS
  ruby

DEPENDENCIES
  factory_bot
  rdiscount
  reload-attribute!
  rspec-rails
  rspec-simplecov
  rubocop
  simplecov
  simplecov-json
  sqlite3
  yard

BUNDLED WITH
   2.1.4
